GEM
  remote: https://rubygems.org/
  specs:
    byebug (9.0.6)
    gruff (0.7.0)
      rmagick (~> 2.13, >= 2.13.4)
    metaclass (0.0.4)
    minitest (5.10.2)
    mocha (1.2.1)
      metaclass (~> 0.0.1)
    mustermann (1.0.0)
    rack (2.0.3)
    rack-protection (2.0.0)
      rack
    rack-test (0.6.3)
      rack (>= 1.0)
    rake (12.0.0)
    rmagick (2.16.0)
    sinatra (2.0.0)
      mustermann (~> 1.0)
      rack (~> 2.0)
      rack-protection (= 2.0.0)
      tilt (~> 2.0)
    tilt (2.0.7)

PLATFORMS
  ruby

DEPENDENCIES
  byebug
  gruff
  minitest
  mocha
  rack-test
  rake
  rmagick
  sinatra

BUNDLED WITH
   1.15.1
