GEM
  remote: https://rubygems.org/
  specs:
    byebug (9.0.6)
    metaclass (0.0.4)
    minitest (5.10.2)
    mocha (1.2.1)
      metaclass (~> 0.0.1)
    rack (2.0.3)
    rack-test (0.6.3)
      rack (>= 1.0)
    rake (12.0.0)

PLATFORMS
  ruby

DEPENDENCIES
  byebug
  minitest
  mocha
  rack-test
  rake

BUNDLED WITH
   1.15.1
