GEM
  remote: https://rubygems.org/
  specs:
    addressable (2.5.1)
      public_suffix (~> 2.0, >= 2.0.2)
    byebug (9.0.6)
    crack (0.4.3)
      safe_yaml (~> 1.0.0)
    gruff (0.7.0)
      rmagick (~> 2.13, >= 2.13.4)
    hashdiff (0.3.4)
    httparty (0.15.6)
      multi_xml (>= 0.5.2)
    kdtree (0.4)
    metaclass (0.0.4)
    minitest (5.10.2)
    mocha (1.2.1)
      metaclass (~> 0.0.1)
    multi_xml (0.6.0)
    mustermann (1.0.0)
    offline_geocoder (0.1.0)
      kdtree (~> 0.3)
    public_suffix (2.0.5)
    rack (2.0.3)
    rack-protection (2.0.0)
      rack
    rack-ssl (1.4.1)
      rack
    rack-test (0.6.3)
      rack (>= 1.0)
    rake (12.0.0)
    rmagick (2.16.0)
    safe_yaml (1.0.4)
    sinatra (2.0.0)
      mustermann (~> 1.0)
      rack (~> 2.0)
      rack-protection (= 2.0.0)
      tilt (~> 2.0)
    tilt (2.0.7)
    webmock (3.0.1)
      addressable (>= 2.3.6)
      crack (>= 0.3.2)
      hashdiff

PLATFORMS
  ruby

DEPENDENCIES
  byebug
  gruff
  httparty
  minitest
  mocha
  offline_geocoder
  rack-ssl
  rack-test
  rake
  rmagick
  sinatra
  webmock

BUNDLED WITH
   1.15.1
